PATH
  remote: .
  specs:
    showtime (0.1.4)
      thor (~> 0.14.4)

GEM
  remote: http://rubygems.org/
  specs:
    diff-lcs (1.1.2)
    rspec (2.1.0)
      rspec-core (~> 2.1.0)
      rspec-expectations (~> 2.1.0)
      rspec-mocks (~> 2.1.0)
    rspec-core (2.1.0)
    rspec-expectations (2.1.0)
      diff-lcs (~> 1.1.2)
    rspec-mocks (2.1.0)
    thor (0.14.4)

PLATFORMS
  ruby

DEPENDENCIES
  bundler (~> 1.0)
  rspec (~> 2.1)
  showtime!
  thor (~> 0.14.4)
